GEM
  remote: https://rubygems.org/
  specs:

    ast (2.4.1)
    addressable (2.7.0)
      public_suffix (>= 2.0.2, < 5.0)
    crack (0.4.4)
    docile (1.3.2)
    hashdiff (1.0.1)
    json (2.3.0)
    kwalify (0.7.2)
    minitest (5.14.2)
    parser (2.7.2.0)
      ast (~> 2.4.1)
    psych (3.2.0)
    rainbow (3.0.0)
    rake (13.0.1)
    reek (6.0.2)
      kwalify (~> 0.7.0)
      parser (>= 2.5.0.0, < 2.8, != 2.5.1.1)
      psych (~> 3.1)
      rainbow (>= 2.0, < 4.0)
    public_suffix (4.0.6)
    simplecov (0.19.0)
      docile (~> 1.1)
      simplecov-html (~> 0.11)
    simplecov-html (0.12.3)
    vcr (6.0.0)
    webmock (3.9.3)
      addressable (>= 2.3.6)
      crack (>= 0.3.2)
      hashdiff (>= 0.4.0, < 2.0.0)

PLATFORMS
  ruby

DEPENDENCIES
  json
  minitest (~> 5.0)
  rake
  reek
  simplecov (~> 0)
  vcr (~> 6.0)
  webmock (~> 3.0)

BUNDLED WITH
   2.1.4
