GEM
  remote: https://rubygems.org/
  specs:
    json (2.3.0)
    minitest (5.14.2)

PLATFORMS
  ruby

DEPENDENCIES
  json
  minitest (~> 5.0)

BUNDLED WITH
   2.1.4
